GEM
  remote: https://rubygems.org/
  specs:
    concurrent-ruby (1.1.5)
    dry-core (0.4.9)
      concurrent-ruby (~> 1.0)
    dry-equalizer (0.2.2)
    dry-monads (1.3.1)
      concurrent-ruby (~> 1.0)
      dry-core (~> 0.4, >= 0.4.4)
      dry-equalizer
    light-service (0.12.0)
    minitest (5.11.3)

PLATFORMS
  ruby

DEPENDENCIES
  dry-monads
  light-service
  minitest (~> 5.4)

BUNDLED WITH
   2.0.2
