PATH
  remote: .
  specs:
    perform (0.1.0)

GEM
  remote: https://rubygems.org/
  specs:
    minitest (5.11.3)
    rake (13.0.1)

PLATFORMS
  ruby

DEPENDENCIES
  bundler (~> 2.0)
  minitest (~> 5.4)
  perform!
  rake (~> 13.0)

BUNDLED WITH
   2.0.2
